PATH
  remote: ../converter
  specs:
    converter (0.0.0)

GEM
  remote: https://rubygems.org/
  specs:
    coderay (1.1.3)
    colorize (0.8.1)
    concurrent-ruby (1.1.6)
    i18n (1.8.5)
      concurrent-ruby (~> 1.0)
    method_source (1.0.0)
    money (6.13.8)
      i18n (>= 0.6.4, <= 2)
    pry (0.13.1)
      coderay (~> 1.1)
      method_source (~> 1.0)

PLATFORMS
  ruby

DEPENDENCIES
  colorize!
  converter!
  money!
  pry!

BUNDLED WITH
   2.1.4
